GEM
  remote: https://rubygems.org/
  specs:
    ast (2.4.1)
    dotenv (2.7.6)
    faraday (1.0.1)
      multipart-post (>= 1.2, < 3)
    minitest (5.14.2)
    multipart-post (2.1.1)
    parallel (1.19.2)
    parser (2.7.1.4)
      ast (~> 2.4.1)
    rainbow (3.0.0)
    regexp_parser (1.7.1)
    rexml (3.3.6)
      strscan
    rubocop (0.90.0)
      parallel (~> 1.10)
      parser (>= 2.7.1.1)
      rainbow (>= 2.2.2, < 4.0)
      regexp_parser (>= 1.7)
      rexml
      rubocop-ast (>= 0.3.0, < 1.0)
      ruby-progressbar (~> 1.7)
      unicode-display_width (>= 1.4.0, < 2.0)
    rubocop-ast (0.3.0)
      parser (>= 2.7.1.4)
    ruby-progressbar (1.10.1)
    strscan (3.1.0)
    unicode-display_width (1.7.0)

PLATFORMS
  ruby

DEPENDENCIES
  dotenv
  faraday
  minitest
  rubocop

BUNDLED WITH
   2.1.4
